GEM
  remote: http://rubygems.org/
  specs:
    activemodel (3.2.9)
      activesupport (= 3.2.9)
      builder (~> 3.0.0)
    activerecord (3.2.9)
      activemodel (= 3.2.9)
      activesupport (= 3.2.9)
      arel (~> 3.0.2)
      tzinfo (~> 0.3.29)
    activesupport (3.2.9)
      i18n (~> 0.6)
      multi_json (~> 1.0)
    arel (3.0.2)
    builder (3.0.4)
    choice (0.1.6)
    colorize (0.5.8)
    i18n (0.6.1)
    multi_json (1.4.0)
    mysql (2.8.1)
    statemachine (2.0.1)
    tzinfo (0.3.35)

PLATFORMS
  ruby

DEPENDENCIES
  activerecord
  choice
  colorize
  mysql (= 2.8.1)
  statemachine
